GEM
  remote: https://rubygems.org/
  specs:
    activesupport (5.0.0.1)
      concurrent-ruby (~> 1.0, >= 1.0.2)
      i18n (~> 0.7)
      minitest (~> 5.1)
      tzinfo (~> 1.1)
    concurrent-ruby (1.0.2)
    coveralls (0.8.21)
      json (>= 1.8, < 3)
      simplecov (~> 0.14.1)
      term-ansicolor (~> 1.3)
      thor (~> 0.19.4)
      tins (~> 1.6)
    diff-lcs (1.2.5)
    docile (1.1.5)
    dotenv (2.1.1)
    faraday (0.9.2)
      multipart-post (>= 1.2, < 3)
    faraday_middleware (0.10.0)
      faraday (>= 0.7.4, < 0.10)
    gli (2.14.0)
    haml (4.0.5)
      tilt
    hashie (3.4.6)
    i18n (0.7.0)
    json (2.0.2)
    minitest (5.9.1)
    multipart-post (2.0.0)
    passenger (5.0.30)
      rack
      rake (>= 0.8.1)
    rack (1.6.4)
    rack-protection (1.5.3)
      rack
    rake (11.3.0)
    rspec (3.5.0)
      rspec-core (~> 3.5.0)
      rspec-expectations (~> 3.5.0)
      rspec-mocks (~> 3.5.0)
    rspec-core (3.5.4)
      rspec-support (~> 3.5.0)
    rspec-expectations (3.5.0)
      diff-lcs (>= 1.2.0, < 2.0)
      rspec-support (~> 3.5.0)
    rspec-mocks (3.5.0)
      diff-lcs (>= 1.2.0, < 2.0)
      rspec-support (~> 3.5.0)
    rspec-support (3.5.0)
    simplecov (0.14.1)
      docile (~> 1.1.0)
      json (>= 1.8, < 3)
      simplecov-html (~> 0.10.0)
    simplecov-html (0.10.2)
    sinatra (1.4.7)
      rack (~> 1.5)
      rack-protection (~> 1.4)
      tilt (>= 1.3, < 3)
    slack-ruby-client (0.7.7)
      activesupport
      faraday
      faraday_middleware
      gli
      hashie
      json
      websocket-driver
    term-ansicolor (1.6.0)
      tins (~> 1.0)
    thor (0.19.4)
    thread_safe (0.3.5)
    tilt (2.0.5)
    tins (1.15.0)
    tzinfo (1.2.2)
      thread_safe (~> 0.1)
    websocket-driver (0.6.4)
      websocket-extensions (>= 0.1.0)
    websocket-extensions (0.1.2)

PLATFORMS
  ruby

DEPENDENCIES
  coveralls
  dotenv
  haml
  hashie
  passenger
  rspec
  sinatra
  slack-ruby-client

BUNDLED WITH
   1.15.1
